GEM
  remote: https://rubygems.org/
  specs:
    ffi (1.17.0)
    ffi (1.17.0-x86_64-darwin)
    jekyll-watch (2.2.1)
      listen (~> 3.0)
    kramdown (2.4.0)
      rexml
    kramdown-parser-gfm (1.1.0)
      kramdown (~> 2.0)
    listen (3.9.0)
      rb-fsevent (~> 0.10, >= 0.10.3)
      rb-inotify (~> 0.9, >= 0.9.10)
    rb-fsevent (0.11.2)
    rb-inotify (0.11.1)
      ffi (~> 1.0)
    rexml (3.3.6)
      strscan
    rouge (4.3.0)
    strscan (3.1.0)
    webrick (1.8.1)

PLATFORMS
  ruby
  x86_64-darwin-23

DEPENDENCIES
  jekyll-watch
  kramdown-parser-gfm
  rouge (= 4.3.0)
  webrick

BUNDLED WITH
   2.5.14
